GIT
  remote: git://github.com/theodi/slackbotsy.git
  revision: e08b7adde2708e85b3e4a51d54bd3acbb89e822d
  specs:
    slackbotsy (0.2.2)
      json
      sinatra

GEM
  remote: https://rubygems.org/
  specs:
    httparty (0.13.3)
      json (~> 1.8)
      multi_xml (>= 0.5.2)
    json (1.8.2)
    multi_xml (0.5.5)
    rack (1.6.0)
    rack-protection (1.5.3)
      rack
    rake (10.4.2)
    sinatra (1.4.5)
      rack (~> 1.4)
      rack-protection (~> 1.4)
      tilt (~> 1.3, >= 1.3.4)
    tilt (1.4.1)

PLATFORMS
  ruby

DEPENDENCIES
  httparty
  rake
  sinatra
  slackbotsy!
